GEM
  remote: https://rubygems.org/
  specs:
    bond (0.5.1)
    czmq-ffi-gen (0.15.0)
      ffi (~> 1.9.10)
    cztop (0.13.1)
      czmq-ffi-gen (~> 0.15.0)
    data_uri (0.1.0)
    ffi (1.9.25)
    iruby (0.3)
      bond (~> 0.5)
      data_uri (~> 0.1)
      mimemagic (~> 0.3)
      multi_json (~> 1.11)
    mimemagic (0.3.3)
    multi_json (1.13.1)

PLATFORMS
  ruby

DEPENDENCIES
  cztop
  iruby

BUNDLED WITH
   2.0.1
